{
  "aor": 0.0018134976525821598,
  "aqi": 0.024222490751173706,
  "bids_meta": {
    "AcquisitionMatrixPE": 104,
    "AcquisitionNumber": 1,
    "AcquisitionTime": "11:22:43.667500",
    "BandwidthPerPixelPhaseEncode": 17.17,
    "BaseResolution": 104,
    "BodyPartExamined": "BRAIN",
    "CoilCombinationMethod": "Sum of Squares",
    "ConsistencyInfo": "N4_VE11C_LATEST_20160120",
    "ConversionSoftware": "dcm2niix",
    "ConversionSoftwareVersion": "v1.0.20230411",
    "DerivedVendorReportedEchoSpacing": 0.000560011,
    "DeviceSerialNumber": "167006",
    "DwellTime": 2.1e-6,
    "EchoTime": 0.037,
    "EchoTrainLength": 104,
    "EffectiveEchoSpacing": 0.000560011,
    "FileSize": 0.41907395515590906,
    "FileSizeUnits": "GB",
    "FlipAngle": 52,
    "HeudiconvVersion": "0.5.3.post861+ge7d3c7f",
    "ImageComments": "Unaliased MB4/PE3/LB",
    "ImageOrientationPatientDICOM": [
      0.999851,
      -0.0171886,
      -0.00186208,
      0.0162305,
      0.970277,
      -0.241453
    ],
    "ImageOrientationText": "Tra>Cor(-14.0)>Sag(-0.3)",
    "ImageType": [
      "ORIGINAL",
      "PRIMARY",
      "M",
      "MB",
      "ND",
      "MOSAIC"
    ],
    "ImagingFrequency": 123.249498,
    "InPlanePhaseEncodingDirectionDICOM": "COL",
    "InstitutionAddress": "Chemin Queen-Mary 4565,Montreal,District,CA,H3W 1W5",
    "InstitutionName": "IUGM",
    "InstitutionalDepartmentName": "Department",
    "MRAcquisitionType": "2D",
    "MagneticFieldStrength": 3,
    "Manufacturer": "Siemens",
    "ManufacturersModelName": "Prisma_fit",
    "MatrixCoilMode": "SENSE",
    "Modality": "MR",
    "MultibandAccelerationFactor": 4,
    "NonlinearGradientCorrection": false,
    "NumberOfVolumes": 426,
    "PartialFourier": 1,
    "PatientPosition": "HFS",
    "PercentPhaseFOV": 100,
    "PercentSampling": 100,
    "PhaseEncodingDirection": "j",
    "PhaseEncodingSteps": 104,
    "PhaseResolution": 1,
    "PixelBandwidth": 2290,
    "ProcedureStepDescription": "video^ood",
    "ProtocolName": "func_task-mononoke2",
    "PulseSequenceDetails": "%CustomerSeq%\\cmrr_mbep2d_bold",
    "ReceiveCoilActiveElements": "HC1-7;NC1,2",
    "ReceiveCoilName": "HeadNeck_64",
    "ReconMatrixPE": 104,
    "RepetitionTime": 1.49,
    "SAR": 0.072578,
    "ScanOptions": "FS",
    "ScanningSequence": "EP",
    "SequenceName": "epfid2d1_104",
    "SequenceVariant": "SK\\SS",
    "SeriesDescription": "func_task-mononoke2",
    "SeriesNumber": 16,
    "ShimSetting": [
      605,
      -7251,
      -8765,
      671,
      61,
      -32,
      20,
      46
    ],
    "SliceThickness": 2,
    "SliceTiming": [
      0,
      0.7825,
      0.0975,
      0.8825,
      0.195,
      0.98,
      0.2925,
      1.0775,
      0.3925,
      1.175,
      0.49,
      1.2725,
      0.5875,
      1.3725,
      0.685,
      0,
      0.7825,
      0.0975,
      0.8825,
      0.195,
      0.98,
      0.2925,
      1.0775,
      0.3925,
      1.175,
      0.49,
      1.2725,
      0.5875,
      1.3725,
      0.685,
      0,
      0.7825,
      0.0975,
      0.8825,
      0.195,
      0.98,
      0.2925,
      1.0775,
      0.3925,
      1.175,
      0.49,
      1.2725,
      0.5875,
      1.3725,
      0.685,
      0,
      0.7825,
      0.0975,
      0.8825,
      0.195,
      0.98,
      0.2925,
      1.0775,
      0.3925,
      1.175,
      0.49,
      1.2725,
      0.5875,
      1.3725,
      0.685
    ],
    "SoftwareVersions": "syngo MR E11",
    "SpacingBetweenSlices": 2,
    "StationName": "MRC35049",
    "TaskName": "mononoke2",
    "TotalReadoutTime": 0.0576811,
    "TxRefAmp": 246,
    "WipMemBlock": "158c7285-a409-4e02-a046-9683876c385c||Sequence: R017 ve11c/master r/75a17815+; Jun 28 2022 16:32:11 by eja",
    "dataset": "<unset>",
    "datatype": "func",
    "dcmmeta_affine": [
      [
        -1.9997010231018066,
        0.03246099129319191,
        -0.011913957074284554,
        104.42554473876953
      ],
      [
        0.03437715768814087,
        1.9405533075332642,
        -0.4827743172645569,
        -87.00593566894531
      ],
      [
        -0.0037241680547595024,
        0.4829069674015045,
        1.9408211708068848,
        -55.79109191894531
      ],
      [
        0.0,
        0.0,
        0.0,
        1.0
      ]
    ],
    "dcmmeta_reorient_transform": [
      [
        0.0,
        -1.0,
        0.0,
        103.0
      ],
      [
        1.0,
        0.0,
        0.0,
        0.0
      ],
      [
        0.0,
        0.0,
        1.0,
        0.0
      ],
      [
        0.0,
        0.0,
        0.0,
        1.0
      ]
    ],
    "dcmmeta_shape": [
      104,
      104,
      60,
      426
    ],
    "dcmmeta_slice_dim": 2,
    "dcmmeta_version": 0.6,
    "extension": ".nii.gz",
    "global": {
      "const": {
        "AcquisitionMatrix": [
          104,
          0,
          0,
          104
        ],
        "AngioFlag": "N",
        "BitsAllocated": 16,
        "BitsStored": 16,
        "BodyPartExamined": "BRAIN",
        "Columns": 832,
        "EchoNumbers": 1,
        "EchoTime": 37.0,
        "EchoTrainLength": 104,
        "FlipAngle": 52.0,
        "HighBit": 15,
        "ImageOrientationPatient": [
          0.9998505315426,
          -0.017188578105,
          -0.0018620839705,
          0.01623049537253,
          0.97027665561915,
          -0.2414534791228
        ],
        "ImagePositionPatient": [
          -847.47601349541,
          -806.71917654131,
          171.08205549739
        ],
        "ImageType": [
          "ORIGINAL",
          "PRIMARY",
          "M",
          "MB",
          "ND",
          "MOSAIC"
        ],
        "ImagedNucleus": "1H",
        "ImagingFrequency": 123.249498,
        "InPlanePhaseEncodingDirection": "COL",
        "MRAcquisitionType": "2D",
        "MagneticFieldStrength": 3.0,
        "Manufacturer": "SIEMENS",
        "ManufacturerModelName": "Prisma_fit",
        "Modality": "MR",
        "NumberOfAverages": 1.0,
        "NumberOfPhaseEncodingSteps": 104,
        "PercentPhaseFieldOfView": 100.0,
        "PercentSampling": 100.0,
        "PerformedProcedureStepStartTime": "101854.355000",
        "PhotometricInterpretation": "MONOCHROME2",
        "PixelBandwidth": 2290.0,
        "PixelRepresentation": 0,
        "PixelSpacing": [
          2.0,
          2.0
        ],
        "ProtocolName": "func_task-mononoke2",
        "RepetitionTime": 1490.0,
        "Rows": 832,
        "SAR": 0.07257803128234,
        "SamplesPerPixel": 1,
        "ScanOptions": "FS",
        "ScanningSequence": "EP",
        "SequenceName": "epfid2d1_104",
        "SequenceVariant": [
          "SK",
          "SS"
        ],
        "SeriesDescription": "func_task-mononoke2",
        "SeriesNumber": 16,
        "SeriesTime": "112354.302000",
        "SliceLocation": -33.760211313115,
        "SliceThickness": 2.0,
        "SmallestImagePixelValue": 0,
        "SoftwareVersions": "syngo MR E11",
        "SpacingBetweenSlices": 1.9999999300501,
        "SpecificCharacterSet": "ISO_IR 100",
        "StudyID": "1",
        "StudyTime": "101854.178000",
        "TransmitCoilName": "Body",
        "VariableFlipAngleFlag": "N",
        "WindowCenterWidthExplanation": "Algo1",
        "dBdt": 0.0
      },
